GEM
  specs:

PLATFORMS
  arm64-darwin-21

DEPENDENCIES

BUNDLED WITH
   2.2.3
